GEM
  remote: http://rubygems.org/
  specs:
    diff-lcs (1.1.2)
    mime-types (1.16)
    mini_magick (3.2.1)
      subexec (~> 0.0.4)
    newrelic_rpm (3.0.0)
    rack (1.2.2)
    rack-test (0.6.0)
      rack (>= 1.0)
    rest-client (1.6.1)
      mime-types (>= 1.16)
    rspec (2.6.0)
      rspec-core (~> 2.6.0)
      rspec-expectations (~> 2.6.0)
      rspec-mocks (~> 2.6.0)
    rspec-core (2.6.0)
    rspec-expectations (2.6.0)
      diff-lcs (~> 1.1.2)
    rspec-mocks (2.6.0)
    shotgun (0.9)
      rack (>= 1.0)
    sinatra (1.2.6)
      rack (~> 1.1)
      tilt (>= 1.2.2, < 2.0)
    subexec (0.0.4)
    tilt (1.3)

PLATFORMS
  ruby

DEPENDENCIES
  mini_magick
  newrelic_rpm
  rack-test
  rest-client
  rspec
  shotgun
  sinatra
