GEM
  remote: http://rubygems.org/
  specs:
    addressable (2.2.5)
    async-rack (0.5.1)
      rack (~> 1.1)
    diff-lcs (1.1.2)
    em-http-request (0.3.0)
      addressable (>= 2.0.0)
      escape_utils
      eventmachine (>= 0.12.9)
    em-resolv-replace (1.1.1)
    em-synchrony (0.2.0)
      eventmachine (>= 0.12.9)
    escape_utils (0.2.3)
    evented_magick (0.1.1)
    eventmachine (0.12.10)
    newrelic_rpm (3.0.0)
    rack (1.2.2)
    rack-fiber_pool (0.9.1)
    rack-test (0.6.0)
      rack (>= 1.0)
    rake (0.8.7)
    rspec (2.6.0)
      rspec-core (~> 2.6.0)
      rspec-expectations (~> 2.6.0)
      rspec-mocks (~> 2.6.0)
    rspec-core (2.6.0)
    rspec-expectations (2.6.0)
      diff-lcs (~> 1.1.2)
    rspec-mocks (2.6.0)
    shotgun (0.9)
      rack (>= 1.0)
    sinatra (1.2.6)
      rack (~> 1.1)
      tilt (>= 1.2.2, < 2.0)
    sinatra-synchrony (0.0.3)
      async-rack (= 0.5.1)
      em-http-request (= 0.3.0)
      em-resolv-replace (= 1.1.1)
      em-synchrony (= 0.2.0)
      rack-fiber_pool (= 0.9.1)
      sinatra (>= 1.0)
    tilt (1.3)

PLATFORMS
  ruby

DEPENDENCIES
  evented_magick (>= 0.1.1)
  newrelic_rpm
  rack-test
  rake
  rspec
  shotgun
  sinatra
  sinatra-synchrony
